GEM
  remote: https://rubygems.org/
  specs:
    bcrypt (3.1.10)
    capybara (2.4.4)
      mime-types (>= 1.16)
      nokogiri (>= 1.3.3)
      rack (>= 1.0.0)
      rack-test (>= 0.5.4)
    erubis (2.7.0)
    kgio (2.10.0)
    mime-types (2.6.2)
    minitest (5.8.3)
    minitest-hooks (1.3.0)
    nokogiri (1.6.6.2)
    pg (0.18.4)
    rack (1.6.2)
    rack-test (0.6.3)
      rack (>= 1.0)
    raindrops (0.15.0)
    roda (2.13.0)
      rack
    sequel (4.33.0)
    sequel_pg (1.6.17)
      pg (>= 0.8.0)
      sequel (>= 4.0.0)
    unicorn (5.0.1)
      kgio (~> 2.6)
      rack
      raindrops (~> 0.7)

PLATFORMS
  ruby

DEPENDENCIES
  bcrypt
  capybara
  erubis
  minitest (>= 5.7.0)
  minitest-hooks
  pg
  roda
  sequel
  sequel_pg
  unicorn

BUNDLED WITH
   1.10.6
